PATH
  remote: .
  specs:
    thorium (0.3.3)
      thor (~> 0)

GEM
  remote: https://rubygems.org/
  specs:
    json (1.8.1)
    rake (10.3.2)
    rdoc (4.1.1)
      json (~> 1.4)
    thor (0.19.1)

PLATFORMS
  ruby

DEPENDENCIES
  rake
  rdoc
  thor
  thorium!
