PATH
  remote: .
  specs:
    thorium (0.3.4)
      thor (~> 0)

GEM
  remote: https://rubygems.org/
  specs:
    json (1.8.1)
    rake (0.9.6)
    rdoc (4.1.1)
      json (~> 1.4)
    rspec (0.9.4)
    thor (0.19.1)

PLATFORMS
  ruby

DEPENDENCIES
  rake (~> 0)
  rdoc
  rspec (~> 0)
  thor
  thorium!
