PATH
  remote: .
  specs:
    thorium (0.3.4)
      thor (>= 0.19)

GEM
  remote: https://rubygems.org/
  specs:
    diff-lcs (1.2.5)
    json (1.8.1)
    rake (10.3.2)
    rdoc (4.1.1)
      json (~> 1.4)
    rspec (3.0.0)
      rspec-core (~> 3.0.0)
      rspec-expectations (~> 3.0.0)
      rspec-mocks (~> 3.0.0)
    rspec-core (3.0.4)
      rspec-support (~> 3.0.0)
    rspec-expectations (3.0.4)
      diff-lcs (>= 1.2.0, < 2.0)
      rspec-support (~> 3.0.0)
    rspec-mocks (3.0.4)
      rspec-support (~> 3.0.0)
    rspec-support (3.0.4)
    thor (0.19.1)

PLATFORMS
  ruby

DEPENDENCIES
  rake (>= 10.0)
  rdoc
  rspec (>= 3.0)
  thor
  thorium!
