GEM
  remote: https://rubygems.org/
  specs:
    json (1.8.1)
    rdoc (4.1.1)
      json (~> 1.4)
    thor (0.19.1)

PLATFORMS
  ruby

DEPENDENCIES
  rdoc
  thor
